PATH
  remote: vendor/gems/oclc-auth-0.1.0
  specs:
    oclc-auth (0.1.0)
      json (~> 1.8, >= 1.8.1)
      rest-client (~> 1.6, >= 1.6.7)

GEM
  remote: https://rubygems.org/
  specs:
    capybara (1.1.2)
      mime-types (>= 1.16)
      nokogiri (>= 1.3.3)
      rack (>= 1.0.0)
      rack-test (>= 0.5.4)
      selenium-webdriver (~> 2.0)
      xpath (~> 0.1.4)
    childprocess (0.5.1)
      ffi (~> 1.0, >= 1.0.11)
    diff-lcs (1.2.5)
    equivalent-xml (0.4.2)
      nokogiri (>= 1.4.3)
    ffi (1.9.3)
    haml (4.0.5)
      tilt
    htmlentities (4.3.1)
    json (1.8.1)
    json-ld (1.1.1)
      rdf (>= 1.0.8)
    mime-types (2.2)
    mini_portile (0.5.3)
    multi_json (1.9.2)
    nokogiri (1.6.1)
      mini_portile (~> 0.5.0)
    rack (1.5.2)
    rack-protection (1.5.2)
      rack
    rack-test (0.6.2)
      rack (>= 1.0)
    rdf (1.1.2.1)
    rdf-rdfa (1.1.2)
      haml (>= 4.0)
      htmlentities (>= 4.3.1)
      rdf (>= 1.1.0)
      rdf-xsd (>= 1.1)
    rdf-rdfxml (1.1.0)
      rdf (>= 1.1)
      rdf-rdfa (>= 1.1)
      rdf-xsd (>= 1.1)
    rdf-xsd (1.1.0)
      rdf (>= 1.1)
    rest-client (1.6.7)
      mime-types (>= 1.16)
    rspec (2.14.1)
      rspec-core (~> 2.14.0)
      rspec-expectations (~> 2.14.0)
      rspec-mocks (~> 2.14.0)
    rspec-core (2.14.8)
    rspec-expectations (2.14.5)
      diff-lcs (>= 1.1.3, < 2.0)
    rspec-mocks (2.14.6)
    rubyzip (1.1.2)
    selenium-webdriver (2.40.0)
      childprocess (>= 0.5.0)
      multi_json (~> 1.0)
      rubyzip (~> 1.0)
      websocket (~> 1.0.4)
    sinatra (1.4.1)
      rack (~> 1.5, >= 1.5.2)
      rack-protection (~> 1.4)
      tilt (~> 1.3, >= 1.3.4)
    spork (0.9.2)
    tilt (1.4.1)
    websocket (1.0.7)
    xpath (0.1.4)
      nokogiri (~> 1.3)

PLATFORMS
  ruby

DEPENDENCIES
  capybara (= 1.1.2)
  equivalent-xml
  haml
  json-ld
  oclc-auth (= 0.1.0)!
  rack-test
  rdf-rdfxml
  rspec
  sinatra (= 1.4.1)
  spork (= 0.9.2)
