PATH
  remote: vendor/gems/oclc-auth-0.1.1
  specs:
    oclc-auth (0.1.1)
      json (~> 1.8, >= 1.8.1)
      rest-client (~> 1.6, >= 1.6.7)

PATH
  remote: vendor/gems/worldcat-discovery-0.0.1
  specs:
    worldcat-discovery (0.0.1)
      addressable (~> 2.3, >= 2.3.6)
      equivalent-xml (~> 0.4, >= 0.4.2)
      oclc-auth (~> 0.1, >= 0.1.0)
      rdf (~> 1.1, >= 1.1.2.1)
      rdf-rdfxml (~> 1.1, >= 1.1.0.1)
      rest-client (~> 1.6, >= 1.6.7)
      spira (~> 0.7, >= 0.7.1)

GEM
  remote: https://rubygems.org/
  specs:
    activemodel (4.1.1)
      activesupport (= 4.1.1)
      builder (~> 3.1)
    activesupport (4.1.1)
      i18n (~> 0.6, >= 0.6.9)
      json (~> 1.7, >= 1.7.7)
      minitest (~> 5.1)
      thread_safe (~> 0.1)
      tzinfo (~> 1.1)
    addressable (2.3.6)
    builder (3.2.2)
    capybara (1.1.2)
      mime-types (>= 1.16)
      nokogiri (>= 1.3.3)
      rack (>= 1.0.0)
      rack-test (>= 0.5.4)
      selenium-webdriver (~> 2.0)
      xpath (~> 0.1.4)
    childprocess (0.5.3)
      ffi (~> 1.0, >= 1.0.11)
    diff-lcs (1.2.5)
    ebnf (0.3.6)
      haml (~> 4.0)
      rdf (~> 1.1)
      sxp (~> 0.1, >= 0.1.3)
    equivalent-xml (0.4.2)
      nokogiri (>= 1.4.3)
    ffi (1.9.3)
    haml (4.0.5)
      tilt
    htmlentities (4.3.1)
    i18n (0.6.9)
    json (1.8.1)
    mime-types (2.2)
    mini_portile (0.5.3)
    minitest (5.3.4)
    multi_json (1.10.0)
    nokogiri (1.6.1)
      mini_portile (~> 0.5.0)
    promise (0.3.0)
    rack (1.5.2)
    rack-protection (1.5.3)
      rack
    rack-test (0.6.2)
      rack (>= 1.0)
    rdf (1.1.3)
    rdf-isomorphic (1.1.0)
      rdf (>= 1.1)
    rdf-rdfa (1.1.3.1)
      haml (~> 4.0)
      htmlentities (~> 4.3)
      rdf (~> 1.1)
      rdf-xsd (~> 1.1)
    rdf-rdfxml (1.1.0.1)
      rdf (~> 1.1)
      rdf-rdfa (~> 1.1)
      rdf-xsd (~> 1.1)
    rdf-turtle (1.1.2)
      ebnf (>= 0.3.5)
      rdf (>= 1.1.1.1)
    rdf-xsd (1.1.0)
      rdf (>= 1.1)
    rest-client (1.6.7)
      mime-types (>= 1.16)
    rspec (2.14.1)
      rspec-core (~> 2.14.0)
      rspec-expectations (~> 2.14.0)
      rspec-mocks (~> 2.14.0)
    rspec-core (2.14.8)
    rspec-expectations (2.14.5)
      diff-lcs (>= 1.1.3, < 2.0)
    rspec-mocks (2.14.6)
    rubyzip (1.1.3)
    selenium-webdriver (2.41.0)
      childprocess (>= 0.5.0)
      multi_json (~> 1.0)
      rubyzip (~> 1.0)
      websocket (~> 1.0.4)
    sinatra (1.4.1)
      rack (~> 1.5, >= 1.5.2)
      rack-protection (~> 1.4)
      tilt (~> 1.3, >= 1.3.4)
    spira (0.7.1)
      activemodel (> 3.0)
      activesupport (> 3.0)
      promise (~> 0.3.0)
      rdf (~> 1.1)
      rdf-isomorphic (~> 1.1)
    spork (0.9.2)
    sxp (0.1.5)
    thread_safe (0.3.3)
    tilt (1.4.1)
    tzinfo (1.1.0)
      thread_safe (~> 0.1)
    websocket (1.0.7)
    xpath (0.1.4)
      nokogiri (~> 1.3)

PLATFORMS
  ruby

DEPENDENCIES
  activesupport (= 4.1.1)
  capybara (= 1.1.2)
  haml (= 4.0.5)
  nokogiri (= 1.6.1)
  oclc-auth (= 0.1.1)!
  rack-test
  rdf-turtle (= 1.1.2)
  rspec
  sinatra (= 1.4.1)
  spork (= 0.9.2)
  worldcat-discovery (= 0.0.1)!
